PATH
  remote: .
  specs:
    enso (0.0.1)
      sass

GEM
  remote: https://rubygems.org/
  specs:
    rake (10.0.4)
    sass (3.2.9)

PLATFORMS
  ruby

DEPENDENCIES
  enso!
  rake
